GEM
  remote: https://rubygems.org/
  specs:
    algorithms (1.0.0)
    byebug (11.1.3)
    clipboard (1.3.6)
    colorize (0.8.1)
    dotenv (2.7.6)
    faraday (0.17.3)
      multipart-post (>= 1.2, < 3)
    multipart-post (2.1.1)

PLATFORMS
  ruby

DEPENDENCIES
  algorithms
  byebug
  clipboard
  colorize
  dotenv
  faraday

BUNDLED WITH
   2.2.32
